GIT
  remote: git://github.com/sinatra/sinatra.git
  revision: eee711bce740d38a9a91aa6028688c9a6d74b23b
  specs:
    rack-protection (2.0.5)
      rack
    sinatra (2.0.5)
      mustermann (~> 1.0)
      rack (~> 2.0)
      rack-protection (= 2.0.5)
      tilt (~> 2.0)

GEM
  remote: http://rubygems.org/
  specs:
    addressable (2.6.0)
      public_suffix (>= 2.0.2, < 4.0)
    declarative (0.0.10)
    declarative-option (0.1.0)
    dotenv (2.7.4)
    faraday (0.15.4)
      multipart-post (>= 1.2, < 3)
    google-api-client (0.30.3)
      addressable (~> 2.5, >= 2.5.1)
      googleauth (>= 0.5, < 0.10.0)
      httpclient (>= 2.8.1, < 3.0)
      mini_mime (~> 1.0)
      representable (~> 3.0)
      retriable (>= 2.0, < 4.0)
      signet (~> 0.10)
    googleauth (0.8.1)
      faraday (~> 0.12)
      jwt (>= 1.4, < 3.0)
      memoist (~> 0.16)
      multi_json (~> 1.11)
      os (>= 0.9, < 2.0)
      signet (~> 0.7)
    httpclient (2.8.3)
    jwt (2.2.1)
    memoist (0.16.0)
    mini_mime (1.0.1)
    multi_json (1.13.1)
    multipart-post (2.1.1)
    mustermann (1.0.3)
    os (1.0.1)
    public_suffix (3.1.0)
    rack (2.0.7)
    representable (3.0.4)
      declarative (< 0.1.0)
      declarative-option (< 0.2.0)
      uber (< 0.2.0)
    retriable (3.1.2)
    shotgun (0.9.2)
      rack (>= 1.0)
    signet (0.11.0)
      addressable (~> 2.3)
      faraday (~> 0.9)
      jwt (>= 1.5, < 3.0)
      multi_json (~> 1.10)
    slim (4.0.1)
      temple (>= 0.7.6, < 0.9)
      tilt (>= 2.0.6, < 2.1)
    temple (0.8.1)
    tilt (2.0.9)
    uber (0.1.0)

PLATFORMS
  ruby

DEPENDENCIES
  dotenv
  google-api-client
  shotgun
  sinatra!
  slim

BUNDLED WITH
   2.0.2
