GIT
  remote: git://github.com/sinatra/sinatra.git
  revision: eee711bce740d38a9a91aa6028688c9a6d74b23b
  specs:
    rack-protection (2.0.5)
      rack
    sinatra (2.0.5)
      mustermann (~> 1.0)
      rack (~> 2.0)
      rack-protection (= 2.0.5)
      tilt (~> 2.0)

GEM
  remote: http://rubygems.org/
  specs:
    mustermann (1.0.3)
    rack (2.0.7)
    shotgun (0.9.2)
      rack (>= 1.0)
    slim (4.0.1)
      temple (>= 0.7.6, < 0.9)
      tilt (>= 2.0.6, < 2.1)
    temple (0.8.1)
    tilt (2.0.9)

PLATFORMS
  ruby

DEPENDENCIES
  shotgun
  sinatra!
  slim

BUNDLED WITH
   2.0.2
